GEM
  remote: http://rubygems.org/
  specs:
    albino (1.3.3)
      posix-spawn (>= 0.3.6)
    classifier (1.3.3)
      fast-stemmer (>= 1.0.0)
    commonjs (0.2.5)
    directory_watcher (1.4.1)
    fast-stemmer (1.0.1)
    jekyll (0.11.2)
      albino (~> 1.3)
      classifier (~> 1.3)
      directory_watcher (~> 1.1)
      kramdown (~> 0.13)
      liquid (~> 2.3)
      maruku (~> 0.5)
    kramdown (0.13.5)
    less (2.1.0)
      commonjs (~> 0.2.0)
      therubyracer (~> 0.10.0)
    libv8 (3.3.10.4)
    liquid (2.3.0)
    maruku (0.6.0)
      syntax (>= 1.0.0)
    posix-spawn (0.3.6)
    sass (3.1.15)
    slim (1.2.0)
      temple (~> 0.4.0)
      tilt (~> 1.3.3)
    syntax (1.0.0)
    temple (0.4.0)
    therubyracer (0.10.1)
      libv8 (~> 3.3.10)
    tilt (1.3.3)

PLATFORMS
  ruby

DEPENDENCIES
  jekyll
  less
  sass
  slim
